GIT
  remote: https://git.yale.edu/YaleQA/info_vault.git
  revision: dca815dacd9938dcce063f658406d66a5e99900e
  specs:
    info_vault (0.0.1)

GIT
  remote: https://git.yale.edu/YaleQA/rspec-rest-formatter.git
  revision: 28267544c6699fbab95138eff68f6b0abddc13b4
  specs:
    rspec-rest-formatter (0.0.2)
      rest-client
      sauce_whisk

GEM
  remote: https://rubygems.org/
  specs:
    addressable (2.3.5)
    builder (3.2.2)
    childprocess (0.5.1)
      ffi (~> 1.0, >= 1.0.11)
    data_magic (0.17)
      faker (>= 1.1.2)
      yml_reader (>= 0.2)
    descendants_tracker (0.0.3)
    diff-lcs (1.2.5)
    faker (1.2.0)
      i18n (~> 0.5)
    faraday (0.9.0)
      multipart-post (>= 1.2, < 3)
    ffi (1.9.3)
    fuubar (1.3.2)
      rspec (>= 2.14.0, < 3.1.0)
      ruby-progressbar (~> 1.3)
    git (1.2.6)
    github_api (0.11.2)
      addressable (~> 2.3)
      descendants_tracker (~> 0.0.1)
      faraday (~> 0.8, < 0.10)
      hashie (>= 1.2)
      multi_json (>= 1.7.5, < 2.0)
      nokogiri (~> 1.6.0)
      oauth2
    hashie (2.0.5)
    highline (1.6.20)
    i18n (0.6.9)
    jeweler (2.0.1)
      builder
      bundler (>= 1.0)
      git (>= 1.2.5)
      github_api
      highline (>= 1.6.15)
      nokogiri (>= 1.5.10)
      rake
      rdoc
    json (1.8.1)
    jwt (0.1.11)
      multi_json (>= 1.5)
    mime-types (2.1)
    mini_portile (0.5.2)
    multi_json (1.8.4)
    multi_xml (0.5.5)
    multipart-post (2.0.0)
    net-ping (1.7.2)
    nokogiri (1.6.1)
      mini_portile (~> 0.5.0)
    oauth2 (0.9.3)
      faraday (>= 0.8, < 0.10)
      jwt (~> 0.1.8)
      multi_json (~> 1.3)
      multi_xml (~> 0.5)
      rack (~> 1.2)
    page-object (0.9.6)
      page_navigation (>= 0.9)
      selenium-webdriver (>= 2.39.0)
      watir-webdriver (>= 0.6.7)
    page_navigation (0.9)
      data_magic (>= 0.14)
    rack (1.5.2)
    rake (10.1.1)
    rdoc (4.1.1)
      json (~> 1.4)
    rest-client (1.6.7)
      mime-types (>= 1.16)
    rspec (2.14.1)
      rspec-core (~> 2.14.0)
      rspec-expectations (~> 2.14.0)
      rspec-mocks (~> 2.14.0)
    rspec-core (2.14.7)
    rspec-expectations (2.14.5)
      diff-lcs (>= 1.1.3, < 2.0)
    rspec-mocks (2.14.6)
    rspec-rerun (0.1.3)
      rspec (>= 2.11.0)
    ruby-progressbar (1.4.1)
    rubyzip (1.1.0)
    sauce_whisk (0.0.12)
      rest-client
    selenium-webdriver (2.40.0)
      childprocess (>= 0.5.0)
      multi_json (~> 1.0)
      rubyzip (~> 1.0)
      websocket (~> 1.0.4)
    thor (0.18.1)
    watir-browser-factory (0.0.6)
      watir-webdriver
    watir-webdriver (0.6.8)
      selenium-webdriver (>= 2.18.0)
    websocket (1.0.7)
    yml_reader (0.2)

PLATFORMS
  ruby

DEPENDENCIES
  bundler
  fuubar
  info_vault!
  jeweler
  net-ping
  page-object
  rdoc
  rspec
  rspec-rerun
  rspec-rest-formatter!
  thor
  watir-browser-factory
